GEM
  remote: https://rubygems.org/
  specs:
    puma (2.11.1)
      rack (>= 1.1, < 2.0)
    puma (2.11.1-java)
      rack (>= 1.1, < 2.0)
    rack (1.6.0)

PLATFORMS
  java
  ruby

DEPENDENCIES
  puma
  rack
